GIT
  remote: git://github.com/badeball/readable-github-webhooks.git
  revision: e5ec9f693fc4153a9aaa400f0d670fa55885ee02
  specs:
    readable_github_webhooks (0.0.1)

GEM
  remote: https://rubygems.org/
  specs:
    cinch (2.1.0)
    daemons (1.1.9)
    eventmachine (1.0.3)
    rack (1.5.2)
    rack-protection (1.5.2)
      rack
    sinatra (1.4.4)
      rack (~> 1.4)
      rack-protection (~> 1.4)
      tilt (~> 1.3, >= 1.3.4)
    thin (1.6.2)
      daemons (>= 1.0.9)
      eventmachine (>= 1.0.0)
      rack (>= 1.0.0)
    tilt (1.4.1)

PLATFORMS
  ruby

DEPENDENCIES
  cinch
  readable_github_webhooks!
  sinatra
  thin
